GEM
  remote: https://rubygems.org/
  specs:
    alexa_rubykit (1.3.0)
      bundler (~> 1.7)
      rake
    json (2.0.2)
    mustermann (1.0.0)
    rack (2.0.3)
    rack-protection (2.0.0)
      rack
    rake (12.0.0)
    sinatra (2.0.0)
      mustermann (~> 1.0)
      rack (~> 2.0)
      rack-protection (= 2.0.0)
      tilt (~> 2.0)
    tilt (2.0.8)

PLATFORMS
  ruby

DEPENDENCIES
  alexa_rubykit
  json
  sinatra

BUNDLED WITH
   1.15.3
