GEM
  remote: https://rubygems.org/
  specs:
    alexa_rubykit (1.3.0)
      bundler (~> 1.7)
      rake
    rake (12.0.0)

PLATFORMS
  ruby

DEPENDENCIES
  alexa_rubykit

BUNDLED WITH
   1.15.3
